GEM
  remote: https://rubygems.org/
  specs:
    dotenv (0.11.1)
      dotenv-deployment (~> 0.0.2)
    dotenv-deployment (0.0.2)
    erubis (2.7.0)
    rack (1.6.5)
    rack-protection (1.5.3)
      rack
    rake (12.0.0)
    sass (3.4.23)
    shotgun (0.9.2)
      rack (>= 1.0)
    sinatra (1.4.8)
      rack (~> 1.5)
      rack-protection (~> 1.4)
      tilt (>= 1.3, < 3)
    slim (3.0.7)
      temple (~> 0.7.6)
      tilt (>= 1.3.3, < 2.1)
    temple (0.7.7)
    tilt (2.0.7)

PLATFORMS
  ruby

DEPENDENCIES
  dotenv
  erubis
  rake
  sass
  shotgun
  sinatra
  slim

BUNDLED WITH
   1.14.6
